GEM
  remote: https://rubygems.org/
  specs:
    mini_magick (4.10.1)
    parallel (1.17.0)
    thor (1.0.1)

PLATFORMS
  ruby

DEPENDENCIES
  mini_magick
  parallel
  thor

BUNDLED WITH
   1.17.2
